PATH
  remote: .
  specs:
    standup (0.1.1)
      colorize
      tty-prompt (~> 0.21)

GEM
  remote: https://rubygems.org/
  specs:
    coderay (1.1.2)
    colorize (0.8.1)
    equatable (0.6.1)
    method_source (1.0.0)
    necromancer (0.5.1)
    pastel (0.7.3)
      equatable (~> 0.6)
      tty-color (~> 0.5)
    pry (0.13.1)
      coderay (~> 1.1)
      method_source (~> 1.0)
    rake (13.0.1)
    tty-color (0.5.1)
    tty-cursor (0.7.1)
    tty-prompt (0.21.0)
      necromancer (~> 0.5.0)
      pastel (~> 0.7.0)
      tty-reader (~> 0.7.0)
    tty-reader (0.7.0)
      tty-cursor (~> 0.7)
      tty-screen (~> 0.7)
      wisper (~> 2.0.0)
    tty-screen (0.7.1)
    wisper (2.0.1)

PLATFORMS
  ruby

DEPENDENCIES
  bundler (~> 1.17)
  pry
  rake (~> 13.0)
  standup!

BUNDLED WITH
   1.17.2
